PATH
  remote: .
  specs:
    xinatra (0.0.0)

GEM
  remote: https://rubygems.org/
  specs:
    rake (13.2.1)

PLATFORMS
  ruby
  x86_64-linux

DEPENDENCIES
  rake (~> 13.0)
  xinatra!

BUNDLED WITH
   2.6.2
